GIT
  remote: git@github.com:activewarehouse/activewarehouse-etl.git
  revision: 1645b5faa37551190b0563d805074b4f76fb5f4c
  specs:
    activewarehouse-etl (0.9.5.rc1)
      activerecord (>= 2.1.0)
      activesupport (>= 2.1.0)
      adapter_extensions (>= 0.5.0)
      fastercsv (>= 1.2.0)
      net-sftp
      nokogiri
      rake (>= 0.8.3)
      spreadsheet
      tmail
      zip

GEM
  remote: http://rubygems.org/
  specs:
    activemodel (3.0.8)
      activesupport (= 3.0.8)
      builder (~> 2.1.2)
      i18n (~> 0.5.0)
    activerecord (3.0.8)
      activemodel (= 3.0.8)
      activesupport (= 3.0.8)
      arel (~> 2.0.10)
      tzinfo (~> 0.3.23)
    activesupport (3.0.8)
    adapter_extensions (0.5.0)
      activerecord (>= 2.1.0)
      activesupport (>= 2.1.0)
      fastercsv (>= 1.0.0)
      rake (>= 0.8.3)
    arel (2.0.10)
    awesome_print (0.4.0)
    builder (2.1.2)
    diff-lcs (1.1.2)
    fastercsv (1.5.4)
    i18n (0.5.0)
    mustache (0.99.4)
    mysql (2.8.1)
    net-sftp (2.0.5)
      net-ssh (>= 2.0.9)
    net-ssh (2.1.4)
    nokogiri (1.4.4)
    rake (0.9.2)
    rdiscount (1.6.8)
    rocco (0.7)
      mustache
      rdiscount
    rspec (2.6.0)
      rspec-core (~> 2.6.0)
      rspec-expectations (~> 2.6.0)
      rspec-mocks (~> 2.6.0)
    rspec-core (2.6.4)
    rspec-expectations (2.6.0)
      diff-lcs (~> 1.1.2)
    rspec-mocks (2.6.0)
    ruby-ole (1.2.11.1)
    spreadsheet (0.6.5.4)
      ruby-ole (>= 1.0)
    tmail (1.2.7.1)
    tzinfo (0.3.28)
    zip (2.0.2)

PLATFORMS
  ruby

DEPENDENCIES
  activewarehouse-etl!
  awesome_print
  mysql
  rocco
  rspec
