GIT
  remote: https://github.com/activewarehouse/activewarehouse-etl.git
  revision: 524d3058afe6ea46fda3699f76e949fa5a3fd994
  specs:
    activewarehouse-etl (0.9.5.rc1)
      activerecord (>= 2.1.0)
      activesupport (>= 2.1.0)
      adapter_extensions (>= 0.9.5.rc1)
      fastercsv (>= 1.2.0)
      rake (>= 0.8.3)

GIT
  remote: https://github.com/activewarehouse/adapter_extensions.git
  revision: 9f497cc4f46570f1acd471ef318facae0fe0a6c1
  specs:
    adapter_extensions (0.9.5)
      activerecord (>= 2.1.0)
      activesupport (>= 2.1.0)
      rake (>= 0.8.3)

GEM
  remote: http://rubygems.org/
  specs:
    activemodel (3.2.1)
      activesupport (= 3.2.1)
      builder (~> 3.0.0)
    activerecord (3.2.1)
      activemodel (= 3.2.1)
      activesupport (= 3.2.1)
      arel (~> 3.0.0)
      tzinfo (~> 0.3.29)
    activesupport (3.2.1)
      i18n (~> 0.6)
      multi_json (~> 1.0)
    arel (3.0.2)
    awesome_print (1.0.2)
    builder (3.0.0)
    diff-lcs (1.1.3)
    fastercsv (1.5.4)
    i18n (0.6.0)
    multi_json (1.1.0)
    mysql2 (0.3.11)
    rake (0.9.2.2)
    rspec (2.8.0)
      rspec-core (~> 2.8.0)
      rspec-expectations (~> 2.8.0)
      rspec-mocks (~> 2.8.0)
    rspec-core (2.8.0)
    rspec-expectations (2.8.0)
      diff-lcs (~> 1.1.2)
    rspec-mocks (2.8.0)
    tzinfo (0.3.31)

PLATFORMS
  ruby

DEPENDENCIES
  activewarehouse-etl!
  adapter_extensions!
  awesome_print
  mysql2
  rspec
