GIT
  remote: git@github.com:activewarehouse/activewarehouse-etl.git
  revision: 06677cf9ded4638b54682e633815645dc43649f2
  specs:
    activewarehouse-etl (0.9.5.rc1)
      activerecord (>= 2.1.0)
      activesupport (>= 2.1.0)
      adapter_extensions (>= 0.9.5.rc1)
      fastercsv (>= 1.2.0)
      rake (>= 0.8.3)

GEM
  remote: http://rubygems.org/
  specs:
    activemodel (3.0.9)
      activesupport (= 3.0.9)
      builder (~> 2.1.2)
      i18n (~> 0.5.0)
    activerecord (3.0.9)
      activemodel (= 3.0.9)
      activesupport (= 3.0.9)
      arel (~> 2.0.10)
      tzinfo (~> 0.3.23)
    activesupport (3.0.9)
    adapter_extensions (0.9.5.rc1)
      activerecord (>= 2.1.0)
      activesupport (>= 2.1.0)
      rake (>= 0.8.3)
    arel (2.0.10)
    awesome_print (0.4.0)
    builder (2.1.2)
    coffee-script (2.2.0)
      coffee-script-source
      execjs
    coffee-script-source (1.1.1)
    daemons (1.1.4)
    diff-lcs (1.1.2)
    eventmachine (0.12.10)
    execjs (1.2.0)
      multi_json (~> 1.0)
    fastercsv (1.5.4)
    haml (3.1.2)
    i18n (0.5.0)
    libv8 (3.3.10.2)
    multi_json (1.0.3)
    pg (0.11.0)
    rack (1.3.0)
    rake (0.9.2)
    rspec (2.6.0)
      rspec-core (~> 2.6.0)
      rspec-expectations (~> 2.6.0)
      rspec-mocks (~> 2.6.0)
    rspec-core (2.6.4)
    rspec-expectations (2.6.0)
      diff-lcs (~> 1.1.2)
    rspec-mocks (2.6.0)
    sinatra (1.2.6)
      rack (~> 1.1)
      tilt (>= 1.2.2, < 2.0)
    therubyracer (0.9.2)
      libv8 (~> 3.3.10)
    thin (1.2.11)
      daemons (>= 1.0.9)
      eventmachine (>= 0.12.6)
      rack (>= 1.0.0)
    tilt (1.3.2)
    tzinfo (0.3.29)

PLATFORMS
  ruby

DEPENDENCIES
  activerecord
  activewarehouse-etl!
  awesome_print
  coffee-script
  haml
  pg
  rspec
  sinatra
  therubyracer
  thin
