GIT
  remote: git@github.com:activewarehouse/activewarehouse-etl.git
  revision: 524d3058afe6ea46fda3699f76e949fa5a3fd994
  specs:
    activewarehouse-etl (0.9.5.rc1)
      activerecord (>= 2.1.0)
      activesupport (>= 2.1.0)
      adapter_extensions (>= 0.9.5.rc1)
      fastercsv (>= 1.2.0)
      rake (>= 0.8.3)

GIT
  remote: https://github.com/activewarehouse/adapter_extensions.git
  revision: 9f497cc4f46570f1acd471ef318facae0fe0a6c1
  specs:
    adapter_extensions (0.9.5)
      activerecord (>= 2.1.0)
      activesupport (>= 2.1.0)
      rake (>= 0.8.3)

GEM
  remote: http://rubygems.org/
  specs:
    activemodel (3.0.9)
      activesupport (= 3.0.9)
      builder (~> 2.1.2)
      i18n (~> 0.5.0)
    activerecord (3.0.9)
      activemodel (= 3.0.9)
      activesupport (= 3.0.9)
      arel (~> 2.0.10)
      tzinfo (~> 0.3.23)
    activesupport (3.0.9)
    arel (2.0.10)
    awesome_print (0.4.0)
    builder (2.1.2)
    diff-lcs (1.1.2)
    fastercsv (1.5.4)
    i18n (0.5.0)
    mysql2 (0.2.18)
    rake (0.9.2.2)
    rspec (2.6.0)
      rspec-core (~> 2.6.0)
      rspec-expectations (~> 2.6.0)
      rspec-mocks (~> 2.6.0)
    rspec-core (2.6.4)
    rspec-expectations (2.6.0)
      diff-lcs (~> 1.1.2)
    rspec-mocks (2.6.0)
    tzinfo (0.3.29)

PLATFORMS
  ruby

DEPENDENCIES
  activerecord
  activewarehouse-etl!
  adapter_extensions!
  awesome_print
  mysql2 (< 0.3)
  rspec
